GEM
  remote: http://rubygems.org/
  specs:
    addressable (2.8.6)
      public_suffix (>= 2.0.2, < 6.0)
    archive-tar-minitar (0.5.2)
    builder (3.2.2)
    columnize (0.3.4)
    connection_pool (2.4.1)
    faraday (0.7.6)
      addressable (~> 2.2)
      multipart-post (~> 1.1)
      rack (~> 1.1)
    git (1.19.1)
      addressable (~> 2.8)
      rchardet (~> 1.8)
    github_api (0.4.10)
      faraday (~> 0.7.6)
      hashie (~> 1.2.0)
      multi_json (~> 1.0)
      oauth2 (~> 0.5.2)
    hashie (1.2.0)
    highline (1.6.20)
    jeweler (2.0.1)
      builder
      bundler (>= 1.0)
      git (>= 1.2.5)
      github_api
      highline (>= 1.6.15)
      nokogiri (>= 1.5.10)
      rake
      rdoc
    linecache19 (0.5.12)
      ruby_core_source (>= 0.1.4)
    mini_portile2 (2.8.6)
    minitest (2.8.0)
    mono_logger (1.1.2)
    multi_json (1.15.0)
    multipart-post (1.2.0)
    nokogiri (1.16.5)
      mini_portile2 (~> 2.8.2)
      racc (~> 1.4)
    oauth2 (0.5.2)
      faraday (~> 0.7)
      multi_json (~> 1.0)
    psych (5.1.2)
      stringio
    public_suffix (5.0.5)
    racc (1.7.3)
    rack (1.6.13)
    rack-protection (1.5.5)
      rack
    rake (13.2.1)
    rchardet (1.8.0)
    rdoc (6.6.3.1)
      psych (>= 4.0.0)
    redis (5.2.0)
      redis-client (>= 0.22.0)
    redis-client (0.22.1)
      connection_pool
    redis-namespace (1.11.0)
      redis (>= 4)
    resque (2.6.0)
      mono_logger (~> 1.0)
      multi_json (~> 1.0)
      redis-namespace (~> 1.6)
      sinatra (>= 0.9.2)
    ruby-debug-base19 (0.11.25)
      columnize (>= 0.3.1)
      linecache19 (>= 0.5.11)
      ruby_core_source (>= 0.1.4)
    ruby-debug19 (0.11.6)
      columnize (>= 0.3.1)
      linecache19 (>= 0.5.11)
      ruby-debug-base19 (>= 0.11.19)
    ruby_core_source (0.1.5)
      archive-tar-minitar (>= 0.5.2)
    sinatra (1.4.8)
      rack (~> 1.5)
      rack-protection (~> 1.4)
      tilt (>= 1.3, < 3)
    stringio (3.1.0)
    tilt (2.3.0)

PLATFORMS
  ruby

DEPENDENCIES
  bundler
  jeweler
  minitest (>= 2)
  resque (~> 2.6)
  ruby-debug19
